GIT
  remote: https://github.com/discorb-lib/discorb
  revision: 56fb34bcfb731ca8fe78e53dacb3962f097f9661
  specs:
    discorb (0.16.0)
      async (~> 1.30.1)
      async-http (~> 0.56.5)
      async-websocket (~> 0.19.0)
      mime-types (~> 3.3)

GEM
  remote: https://rubygems.org/
  specs:
    async (1.30.2)
      console (~> 1.10)
      nio4r (~> 2.3)
      timers (~> 4.1)
    async-http (0.56.6)
      async (>= 1.25)
      async-io (>= 1.28)
      async-pool (>= 0.2)
      protocol-http (~> 0.22.0)
      protocol-http1 (~> 0.14.0)
      protocol-http2 (~> 0.14.0)
      traces (~> 0.4.0)
    async-io (1.33.0)
      async
    async-pool (0.3.10)
      async (>= 1.25)
    async-websocket (0.19.0)
      async-http (~> 0.54)
      async-io (~> 1.23)
      protocol-websocket (~> 0.7.0)
    bcdice (3.6.0)
      i18n (~> 1.8.5)
    concurrent-ruby (1.1.10)
    console (1.15.3)
      fiber-local
    dotenv (2.7.6)
    fiber-local (1.0.0)
    i18n (1.8.11)
      concurrent-ruby (~> 1.0)
    mime-types (3.4.1)
      mime-types-data (~> 3.2015)
    mime-types-data (3.2022.0105)
    nio4r (2.5.8)
    protocol-hpack (1.4.2)
    protocol-http (0.22.6)
    protocol-http1 (0.14.4)
      protocol-http (~> 0.22)
    protocol-http2 (0.14.2)
      protocol-hpack (~> 1.4)
      protocol-http (~> 0.18)
    protocol-websocket (0.7.5)
      protocol-http (~> 0.2)
      protocol-http1 (~> 0.2)
    timers (4.3.3)
    traces (0.4.1)

PLATFORMS
  x86-mingw32

DEPENDENCIES
  bcdice (~> 3.6)
  discorb!
  dotenv (~> 2.7)

RUBY VERSION
   ruby 3.0.3p157

BUNDLED WITH
   2.3.6
